GEM
  remote: https://rubygems.org/
  specs:
    CFPropertyList (2.3.5)
    awesome_print (1.8.0)
    command_runner_ng (0.1.3)
    concurrent-ruby (1.0.5)
    httpclient (2.8.3)
    i18n (0.9.1)
      concurrent-ruby (~> 1.0)
    json (1.8.6)
    run_loop (2.6.1)
      CFPropertyList (~> 2.2)
      awesome_print (~> 1.2)
      command_runner_ng (>= 0.0.2)
      httpclient (>= 2.7.1, < 3.0)
      i18n (>= 0.7.0, < 1.0)
      json (~> 1.8)
      thor (>= 0.18.1, < 1.0)
    thor (0.20.0)

PLATFORMS
  ruby

DEPENDENCIES
  run_loop (~> 2.6, >= 2.6.1)

BUNDLED WITH
   1.16.0
